GIT
  remote: https://github.com/piotrmurach/tty
  revision: 93ab5fe253272f5f7a8d7609cdd3da3c04250b61
  specs:
    tty (0.10.0)
      bundler (~> 2.0)
      thor (~> 1.0)
      tty-file (~> 0.10)
      tty-which (~> 0.4)

PATH
  remote: .
  specs:
    tmt (0.4.0)
      activerecord (~> 6.1.4.1)
      sqlite3 (~> 1.4.2)
      tty
      tty-font (~> 0.5.0)
      tty-spinner
      tty-table

GEM
  remote: https://rubygems.org/
  specs:
    activemodel (6.1.4.1)
      activesupport (= 6.1.4.1)
    activerecord (6.1.4.1)
      activemodel (= 6.1.4.1)
      activesupport (= 6.1.4.1)
    activesupport (6.1.4.1)
      concurrent-ruby (~> 1.0, >= 1.0.2)
      i18n (>= 1.6, < 2)
      minitest (>= 5.1)
      tzinfo (~> 2.0)
      zeitwerk (~> 2.3)
    coderay (1.1.3)
    concurrent-ruby (1.1.9)
    diff-lcs (1.4.4)
    i18n (1.8.11)
      concurrent-ruby (~> 1.0)
    method_source (1.0.0)
    minitest (5.14.4)
    pastel (0.8.0)
      tty-color (~> 0.5)
    pry (0.14.1)
      coderay (~> 1.1)
      method_source (~> 1.0)
    rake (12.3.3)
    rspec (3.10.0)
      rspec-core (~> 3.10.0)
      rspec-expectations (~> 3.10.0)
      rspec-mocks (~> 3.10.0)
    rspec-core (3.10.1)
      rspec-support (~> 3.10.0)
    rspec-expectations (3.10.1)
      diff-lcs (>= 1.2.0, < 2.0)
      rspec-support (~> 3.10.0)
    rspec-mocks (3.10.2)
      diff-lcs (>= 1.2.0, < 2.0)
      rspec-support (~> 3.10.0)
    rspec-support (3.10.3)
    sqlite3 (1.4.2)
    strings (0.2.1)
      strings-ansi (~> 0.2)
      unicode-display_width (>= 1.5, < 3.0)
      unicode_utils (~> 1.4)
    strings-ansi (0.2.0)
    thor (1.1.0)
    tty-color (0.6.0)
    tty-cursor (0.7.1)
    tty-file (0.10.0)
      diff-lcs (~> 1.3)
      pastel (~> 0.8)
      tty-prompt (~> 0.22)
    tty-font (0.5.0)
    tty-prompt (0.23.1)
      pastel (~> 0.8)
      tty-reader (~> 0.8)
    tty-reader (0.9.0)
      tty-cursor (~> 0.7)
      tty-screen (~> 0.8)
      wisper (~> 2.0)
    tty-screen (0.8.1)
    tty-spinner (0.9.3)
      tty-cursor (~> 0.7)
    tty-table (0.12.0)
      pastel (~> 0.8)
      strings (~> 0.2.0)
      tty-screen (~> 0.8)
    tty-which (0.5.0)
    tzinfo (2.0.4)
      concurrent-ruby (~> 1.0)
    unicode-display_width (2.0.0)
    unicode_utils (1.4.0)
    wisper (2.0.1)
    zeitwerk (2.5.1)

PLATFORMS
  ruby

DEPENDENCIES
  pry (~> 0.14.1)
  rake
  rspec (~> 3.10.0)
  tmt!
  tty (~> 0.10.0)!

BUNDLED WITH
   2.1.4
